GEM
  remote: https://rubygems.org/
  specs:
    hoe (3.6.1)
      rake (>= 0.8, < 11.0)
    rake (10.0.4)

PLATFORMS
  ruby

DEPENDENCIES
  hoe
